GIT
  remote: https://github.com/mimemagicrb/mimemagic.git
  revision: 01f92d86d15d85cfd0f20dabd025dcbd36a8a60f
  ref: 01f92d86d15d85cfd0f20dabd025dcbd36a8a60f
  specs:
    mimemagic (0.3.5)

GEM
  remote: https://rubygems.org/
  specs:
    actioncable (5.2.4.6)
      actionpack (= 5.2.4.6)
      nio4r (~> 2.0)
      websocket-driver (>= 0.6.1)
    actionmailer (5.2.4.6)
      actionpack (= 5.2.4.6)
      actionview (= 5.2.4.6)
      activejob (= 5.2.4.6)
      mail (~> 2.5, >= 2.5.4)
      rails-dom-testing (~> 2.0)
    actionpack (5.2.4.6)
      actionview (= 5.2.4.6)
      activesupport (= 5.2.4.6)
      rack (~> 2.0, >= 2.0.8)
      rack-test (>= 0.6.3)
      rails-dom-testing (~> 2.0)
      rails-html-sanitizer (~> 1.0, >= 1.0.2)
    actionview (5.2.4.6)
      activesupport (= 5.2.4.6)
      builder (~> 3.1)
      erubi (~> 1.4)
      rails-dom-testing (~> 2.0)
      rails-html-sanitizer (~> 1.0, >= 1.0.3)
    activejob (5.2.4.6)
      activesupport (= 5.2.4.6)
      globalid (>= 0.3.6)
    activemodel (5.2.4.6)
      activesupport (= 5.2.4.6)
    activerecord (5.2.4.6)
      activemodel (= 5.2.4.6)
      activesupport (= 5.2.4.6)
      arel (>= 9.0)
    activestorage (5.2.4.6)
      actionpack (= 5.2.4.6)
      activerecord (= 5.2.4.6)
      marcel (~> 0.3.1)
    activesupport (5.2.4.6)
      concurrent-ruby (~> 1.0, >= 1.0.2)
      i18n (>= 0.7, < 2)
      minitest (~> 5.1)
      tzinfo (~> 1.1)
    addressable (2.8.1)
      public_suffix (>= 2.0.2, < 6.0)
    airbrussh (1.4.1)
      sshkit (>= 1.6.1, != 1.7.0)
    arel (9.0.0)
    bcrypt_pbkdf (1.1.0)
    bindex (0.8.1)
    bootsnap (1.15.0)
      msgpack (~> 1.2)
    builder (3.2.4)
    byebug (11.1.3)
    capistrano (3.11.0)
      airbrussh (>= 1.0.0)
      i18n
      rake (>= 10.0.0)
      sshkit (>= 1.9.0)
    capistrano-bundler (1.6.0)
      capistrano (~> 3.1)
    capistrano-rails (1.4.0)
      capistrano (~> 3.1)
      capistrano-bundler (~> 1.1)
    capistrano-rvm (0.1.2)
      capistrano (~> 3.0)
      sshkit (~> 1.2)
    capybara (2.18.0)
      addressable
      mini_mime (>= 0.1.3)
      nokogiri (>= 1.3.3)
      rack (>= 1.0.0)
      rack-test (>= 0.5.4)
      xpath (>= 2.0, < 4.0)
    childprocess (4.1.0)
    concurrent-ruby (1.1.10)
    crass (1.0.6)
    date (3.3.3)
    ed25519 (1.3.0)
    erubi (1.12.0)
    erubis (2.7.0)
    execjs (2.8.1)
    ffi (1.15.5)
    globalid (1.0.1)
      activesupport (>= 5.0)
    haml (5.2.2)
      temple (>= 0.8.0)
      tilt
    haml-rails (1.0.0)
      actionpack (>= 4.0.1)
      activesupport (>= 4.0.1)
      haml (>= 4.0.6, < 6.0)
      html2haml (>= 1.0.1)
      railties (>= 4.0.1)
    html2haml (2.3.0)
      erubis (~> 2.7.0)
      haml (>= 4.0)
      nokogiri (>= 1.6.0)
      ruby_parser (~> 3.5)
    i18n (1.12.0)
      concurrent-ruby (~> 1.0)
    kramdown (2.1.0)
    listen (3.1.5)
      rb-fsevent (~> 0.9, >= 0.9.4)
      rb-inotify (~> 0.9, >= 0.9.7)
      ruby_dep (~> 1.2)
    loofah (2.19.1)
      crass (~> 1.0.2)
      nokogiri (>= 1.5.9)
    mail (2.8.0)
      mini_mime (>= 0.1.1)
      net-imap
      net-pop
      net-smtp
    marcel (0.3.3)
      mimemagic (~> 0.3.2)
    meta-tags (2.18.0)
      actionpack (>= 3.2.0, < 7.1)
    method_source (1.0.0)
    mini_mime (1.1.2)
    mini_portile2 (2.8.1)
    minitest (5.17.0)
    msgpack (1.6.0)
    net-imap (0.3.4)
      date
      net-protocol
    net-pop (0.1.2)
      net-protocol
    net-protocol (0.2.1)
      timeout
    net-scp (4.0.0)
      net-ssh (>= 2.6.5, < 8.0.0)
    net-smtp (0.3.3)
      net-protocol
    net-ssh (7.0.1)
    nio4r (2.5.8)
    nokogiri (1.13.10)
      mini_portile2 (~> 2.8.0)
      racc (~> 1.4)
    pg (1.4.5)
    public_suffix (5.0.1)
    puma (4.3.12)
      nio4r (~> 2.0)
    racc (1.6.2)
    rack (2.2.5)
    rack-test (2.0.2)
      rack (>= 1.3)
    rails (5.2.4.6)
      actioncable (= 5.2.4.6)
      actionmailer (= 5.2.4.6)
      actionpack (= 5.2.4.6)
      actionview (= 5.2.4.6)
      activejob (= 5.2.4.6)
      activemodel (= 5.2.4.6)
      activerecord (= 5.2.4.6)
      activestorage (= 5.2.4.6)
      activesupport (= 5.2.4.6)
      bundler (>= 1.3.0)
      railties (= 5.2.4.6)
      sprockets-rails (>= 2.0.0)
    rails-dom-testing (2.0.3)
      activesupport (>= 4.2.0)
      nokogiri (>= 1.6)
    rails-html-sanitizer (1.4.4)
      loofah (~> 2.19, >= 2.19.1)
    railties (5.2.4.6)
      actionpack (= 5.2.4.6)
      activesupport (= 5.2.4.6)
      method_source
      rake (>= 0.8.7)
      thor (>= 0.19.0, < 2.0)
    rake (13.0.6)
    rb-fsevent (0.11.2)
    rb-inotify (0.10.1)
      ffi (~> 1.0)
    rexml (3.2.5)
    ruby_dep (1.5.0)
    ruby_parser (3.19.2)
      sexp_processor (~> 4.16)
    rubyzip (2.3.2)
    sassc (2.4.0)
      ffi (~> 1.9)
    sassc-rails (2.1.0)
      railties (>= 4.0.0)
      sassc (>= 2.0)
      sprockets (> 3.0)
      sprockets-rails
      tilt
    selenium-webdriver (4.1.0)
      childprocess (>= 0.5, < 5.0)
      rexml (~> 3.2, >= 3.2.5)
      rubyzip (>= 1.2.2)
    sexp_processor (4.16.1)
    spring (2.1.1)
    spring-watcher-listen (2.0.1)
      listen (>= 2.7, < 4.0)
      spring (>= 1.2, < 3.0)
    sprockets (4.2.0)
      concurrent-ruby (~> 1.0)
      rack (>= 2.2.4, < 4)
    sprockets-rails (3.4.2)
      actionpack (>= 5.2)
      activesupport (>= 5.2)
      sprockets (>= 3.0.0)
    sqlite3 (1.3.11)
    sshkit (1.21.3)
      net-scp (>= 1.1.2)
      net-ssh (>= 2.8.0)
    temple (0.9.1)
    thor (1.2.1)
    thread_safe (0.3.6)
    tilt (2.0.11)
    timeout (0.3.1)
    turbolinks (5.2.1)
      turbolinks-source (~> 5.2)
    turbolinks-source (5.2.0)
    tzinfo (1.2.10)
      thread_safe (~> 0.1)
    uglifier (4.2.0)
      execjs (>= 0.3.0, < 3)
    web-console (3.7.0)
      actionview (>= 5.0)
      activemodel (>= 5.0)
      bindex (>= 0.4.0)
      railties (>= 5.0)
    websocket-driver (0.7.5)
      websocket-extensions (>= 0.1.0)
    websocket-extensions (0.1.5)
    xpath (3.2.0)
      nokogiri (~> 1.8)

PLATFORMS
  ruby

DEPENDENCIES
  bcrypt_pbkdf (>= 1.0, < 2.0)
  bootsnap (~> 1.4)
  byebug
  capistrano (= 3.11)
  capistrano-rails (= 1.4)
  capistrano-rvm
  capybara (~> 2.13)
  ed25519 (>= 1.2, < 2.0)
  haml-rails (~> 1.0)
  kramdown (= 2.1.0)
  listen (>= 3.0.5, < 3.2)
  meta-tags (= 2.18.0)
  mimemagic!
  pg (>= 0.18, < 2.0)
  puma (~> 4.3)
  rails (= 5.2.4.6)
  sassc-rails (= 2.1.0)
  selenium-webdriver
  spring
  spring-watcher-listen (~> 2.0.0)
  sqlite3 (= 1.3.11)
  turbolinks (~> 5)
  tzinfo-data
  uglifier (>= 1.3.0)
  web-console (>= 3.3.0)

RUBY VERSION
   ruby 2.6.3p62

BUNDLED WITH
   1.17.3
